GEM
  remote: http://rubygems.org/
  specs:
    ansi (1.4.3)
    ffi (1.0.11)
    growl (1.0.3)
    guard (1.2.1)
      listen (>= 0.4.2)
      thor (>= 0.14.6)
    guard-minitest (0.5.0)
      guard (>= 0.4)
    listen (0.4.7)
      rb-fchange (~> 0.0.5)
      rb-fsevent (~> 0.9.1)
      rb-inotify (~> 0.8.8)
    minitest (3.2.0)
    rake (0.9.2.2)
    rb-fchange (0.0.5)
      ffi
    rb-fsevent (0.9.1)
    rb-inotify (0.8.8)
      ffi (>= 0.5.0)
    thor (0.15.3)
    turn (0.9.6)
      ansi

PLATFORMS
  ruby

DEPENDENCIES
  growl
  guard
  guard-minitest
  minitest
  rake
  rb-fsevent
  turn
